PATH
  remote: .
  specs:
    teacher (0.0.1)
      treetop (= 1.5.3)

GEM
  remote: https://rubygems.org/
  specs:
    polyglot (0.3.4)
    rake (10.3.1)
    treetop (1.5.3)
      polyglot (~> 0.3)

PLATFORMS
  ruby

DEPENDENCIES
  bundler (~> 1.5)
  rake
  teacher!
